RESTRICTION: == netstandard2.0
NUGET
  remote: https://www.nuget.org/api/v2
    StyleCop.Analyzers (1.0.2)
